GEM
  remote: https://rubygems.org/
  specs:
    tchart (1.0.0)

PLATFORMS
  ruby

DEPENDENCIES
  tchart
